PATH
  remote: .
  specs:
    refinerycms-vimeo-videos (0.1.8.1)
      vimeo (~> 1.3.0)

GEM
  remote: http://rubygems.org/
  specs:
    crack (0.1.8)
    fakeweb (1.2.8)
    httparty (0.6.1)
      crack (= 0.1.8)
    httpclient (2.2.1)
    json (1.5.3)
    multipart-post (1.1.2)
    oauth (0.4.5)
    vimeo (1.3.0)
      httparty (>= 0.4.5)
      httpclient (>= 2.1.5.2)
      json (>= 1.1.9)
      multipart-post (>= 1.0.1)
      oauth (>= 0.4.3)

PLATFORMS
  ruby

DEPENDENCIES
  fakeweb (~> 1.2.6)
  refinerycms-vimeo-videos!
